GEM
  remote: https://rubygems.org/
  specs:
    alsa-rawmidi (0.3.1)
      ffi (~> 1.0)
    equatable (0.5.0)
    ffi (1.9.10)
    ffi-coremidi (0.3.8)
      ffi (~> 1.9, >= 1.9.6)
    hashie (3.4.2)
    midi-jruby (0.1.5)
    midi-winmm (0.1.10)
      ffi (>= 1.0)
    necromancer (0.3.0)
    pastel (0.4.0)
      equatable (~> 0.5)
    tty (0.2.0)
      equatable (~> 0.5.0)
      necromancer (~> 0.3.0)
      pastel (~> 0.4.0)
      tty-pager (~> 0.2.0)
      tty-platform (~> 0.1.0)
      tty-progressbar (~> 0.6.0)
      tty-screen (~> 0.2.0)
      tty-spinner (~> 0.1.0)
      tty-table (~> 0.3.0)
      tty-which (~> 0.1.0)
    tty-pager (0.2.0)
      tty-screen (~> 0.2.0)
      tty-which (~> 0.1.0)
      verse (~> 0.4.0)
    tty-platform (0.1.0)
    tty-progressbar (0.6.0)
      tty-screen (~> 0.2.0)
    tty-screen (0.2.0)
    tty-spinner (0.1.0)
    tty-table (0.3.0)
      equatable (~> 0.5)
      necromancer (~> 0.3)
      pastel (~> 0.4)
      tty-screen (~> 0.2)
      unicode_utils (~> 1.4.0)
      verse (~> 0.4)
    tty-which (0.1.0)
    unicode_utils (1.4.0)
    unimidi (0.4.6)
      alsa-rawmidi (~> 0.3, >= 0.3.1)
      ffi-coremidi (~> 0.3, >= 0.3.5)
      midi-jruby (~> 0.1, >= 0.1.4)
      midi-winmm (~> 0.1, >= 0.1.10)
    verse (0.4.0)
      unicode_utils (~> 1.4.0)

PLATFORMS
  ruby

DEPENDENCIES
  hashie (~> 3.4.2)
  tty (~> 0.2.0)
  unimidi (~> 0.4.6)

BUNDLED WITH
   1.10.6
