GEM
  remote: https://rubygems.org/
  specs:
    alsa-rawmidi (0.3.1)
      ffi (~> 1.0)
    ffi (1.9.10)
    ffi-coremidi (0.3.8)
      ffi (~> 1.9, >= 1.9.6)
    hashie (3.4.2)
    midi-jruby (0.1.5)
    midi-winmm (0.1.10)
      ffi (>= 1.0)
    mustache (1.0.2)
    unimidi (0.4.6)
      alsa-rawmidi (~> 0.3, >= 0.3.1)
      ffi-coremidi (~> 0.3, >= 0.3.5)
      midi-jruby (~> 0.1, >= 0.1.4)
      midi-winmm (~> 0.1, >= 0.1.10)

PLATFORMS
  ruby

DEPENDENCIES
  hashie (~> 3.4.2)
  mustache (~> 1.0.2)
  unimidi (~> 0.4.6)
